GEM
  remote: https://rubygems.org/
  specs:
    cfndsl (0.11.6)
    json (1.8.3)

PLATFORMS
  ruby

DEPENDENCIES
  cfndsl (~> 0.11.6)
  json (~> 1.8)

BUNDLED WITH
   1.13.5
